GEM
  remote: http://rubygems.org/
  specs:
    actionmailer (2.3.2)
      actionpack (= 2.3.2)
    actionpack (2.3.2)
      activesupport (= 2.3.2)
    activerecord (2.3.2)
      activesupport (= 2.3.2)
    activeresource (2.3.2)
      activesupport (= 2.3.2)
    activesupport (2.3.2)
    aws-sdk (1.3.9)
      httparty (~> 0.7)
      json (~> 1.4)
      nokogiri (>= 1.4.4)
      uuidtools (~> 2.1)
    capistrano (2.5.19)
      highline
      net-scp (>= 1.0.0)
      net-sftp (>= 2.0.0)
      net-ssh (>= 2.0.14)
      net-ssh-gateway (>= 1.0.0)
    chronic (0.6.7)
    comma (0.4.1)
      activesupport (>= 2.2.2)
    fastercsv (1.1.0)
    fastthread (1.0.7)
    highline (1.6.1)
    httparty (0.8.3)
      multi_json (~> 1.0)
      multi_xml
    json (1.5.1)
    multi_json (1.3.4)
    multi_xml (0.4.4)
    mysql (2.8.1)
    net-scp (1.0.4)
      net-ssh (>= 1.99.1)
    net-sftp (2.0.5)
      net-ssh (>= 2.0.9)
    net-ssh (2.1.0)
    net-ssh-gateway (1.0.1)
      net-ssh (>= 1.99.1)
    nokogiri (1.5.2)
    paperclip (2.3.1.1)
    passenger (2.2.2)
      fastthread (>= 1.0.1)
      rake (>= 0.8.1)
    rails (2.3.2)
      actionmailer (= 2.3.2)
      actionpack (= 2.3.2)
      activerecord (= 2.3.2)
      activeresource (= 2.3.2)
      activesupport (= 2.3.2)
      rake (>= 0.8.3)
    rake (0.8.7)
    rtf (0.1.0)
    tmail (1.2.7.1)
    uuidtools (2.1.2)
    whenever (0.5.0)
      chronic (>= 0.2.3)

PLATFORMS
  ruby

DEPENDENCIES
  aws-sdk (~> 1.3.4)
  capistrano
  comma
  fastercsv (= 1.1)
  json
  mysql
  paperclip (~> 2.3.1.1)
  passenger (= 2.2.2)
  rails (= 2.3.2)
  rtf
  tmail (= 1.2.7.1)
  whenever
