GEM
  remote: http://rubygems.org/
  specs:
    actionmailer (2.3.2)
      actionpack (= 2.3.2)
    actionpack (2.3.2)
      activesupport (= 2.3.2)
    activerecord (2.3.2)
      activesupport (= 2.3.2)
    activeresource (2.3.2)
      activesupport (= 2.3.2)
    activesupport (2.3.2)
    aws-s3 (0.6.2)
      builder
      mime-types
      xml-simple
    builder (3.0.0)
    capistrano (2.12.0)
      highline
      net-scp (>= 1.0.0)
      net-sftp (>= 2.0.0)
      net-ssh (>= 2.0.14)
      net-ssh-gateway (>= 1.1.0)
    chronic (0.6.7)
    comma (3.0.3)
    fastercsv (1.1.0)
    fastthread (1.0.7)
    highline (1.6.11)
    json (1.7.0)
    mime-types (1.18)
    mysql (2.8.1)
    net-scp (1.0.4)
      net-ssh (>= 1.99.1)
    net-sftp (2.0.5)
      net-ssh (>= 2.0.9)
    net-ssh (2.3.0)
    net-ssh-gateway (1.1.0)
      net-ssh (>= 1.99.1)
    paperclip (2.3.1.1)
    passenger (2.2.2)
      fastthread (>= 1.0.1)
      rake (>= 0.8.1)
    rails (2.3.2)
      actionmailer (= 2.3.2)
      actionpack (= 2.3.2)
      activerecord (= 2.3.2)
      activeresource (= 2.3.2)
      activesupport (= 2.3.2)
      rake (>= 0.8.3)
    rake (0.9.2.2)
    rtf (0.3.3)
    tmail (1.2.7.1)
    whenever (0.5.0)
      chronic (>= 0.2.3)
    xml-simple (1.1.1)

PLATFORMS
  ruby

DEPENDENCIES
  aws-s3
  capistrano
  comma
  fastercsv (= 1.1)
  json
  mysql
  paperclip (~> 2.3.1.1)
  passenger (= 2.2.2)
  rails (= 2.3.2)
  rtf
  tmail (= 1.2.7.1)
  whenever
