GIT
  remote: git://github.com/thoughtbot/paperclip.git
  revision: 772c8e96d8fdd8293e3745138287e3a4e9181e20
  specs:
    paperclip (2.5.2)
      activerecord (>= 2.3.0)
      activesupport (>= 2.3.2)
      cocaine (>= 0.0.2)
      mime-types

GEM
  remote: http://rubygems.org/
  specs:
    actionmailer (2.3.2)
      actionpack (= 2.3.2)
    actionpack (2.3.2)
      activesupport (= 2.3.2)
    activerecord (2.3.2)
      activesupport (= 2.3.2)
    activeresource (2.3.2)
      activesupport (= 2.3.2)
    activesupport (2.3.2)
    aws-sdk (1.3.3)
      httparty (~> 0.7)
      json (~> 1.4)
      nokogiri (>= 1.4.4)
      uuidtools (~> 2.1)
    capistrano (2.9.0)
      highline
      net-scp (>= 1.0.0)
      net-sftp (>= 2.0.0)
      net-ssh (>= 2.0.14)
      net-ssh-gateway (>= 1.1.0)
    cocaine (0.2.1)
    columnize (0.3.6)
    comma (0.4.3)
      activesupport (>= 2.2.2)
      fastercsv
    fastercsv (1.1.0)
    fastthread (1.0.7)
    highline (1.6.11)
    httparty (0.8.1)
      multi_json
      multi_xml
    json (1.6.5)
    linecache (0.46)
      rbx-require-relative (> 0.0.4)
    mime-types (1.17.2)
    multi_json (1.0.4)
    multi_xml (0.4.1)
    mysql (2.8.1)
    net-scp (1.0.4)
      net-ssh (>= 1.99.1)
    net-sftp (2.0.5)
      net-ssh (>= 2.0.9)
    net-ssh (2.3.0)
    net-ssh-gateway (1.1.0)
      net-ssh (>= 1.99.1)
    nokogiri (1.5.0)
    passenger (2.2.2)
      fastthread (>= 1.0.1)
      rake (>= 0.8.1)
    rails (2.3.2)
      actionmailer (= 2.3.2)
      actionpack (= 2.3.2)
      activerecord (= 2.3.2)
      activeresource (= 2.3.2)
      activesupport (= 2.3.2)
      rake (>= 0.8.3)
    rake (0.8.7)
    rbx-require-relative (0.0.5)
    rtf (0.3.3)
    ruby-debug (0.10.4)
      columnize (>= 0.1)
      ruby-debug-base (~> 0.10.4.0)
    ruby-debug-base (0.10.4)
      linecache (>= 0.3)
    tmail (1.2.7.1)
    uuidtools (2.1.2)

PLATFORMS
  ruby

DEPENDENCIES
  aws-sdk
  capistrano
  comma
  fastercsv (= 1.1)
  json
  mysql
  paperclip!
  passenger (= 2.2.2)
  rails (= 2.3.2)
  rake (= 0.8.7)
  rtf
  ruby-debug
  tmail (= 1.2.7.1)
